GEM
  remote: https://rubygems.org/
  specs:
    addressable (2.8.7)
      public_suffix (>= 2.0.2, < 7.0)
    ansi (1.5.0)
    ast (2.4.0)
    base64 (0.3.0)
    beaker (4.42.0)
      beaker-hostgenerator
      ed25519 (~> 1.0)
      hocon (~> 1.0)
      in-parallel (>= 0.1, < 2)
      inifile (~> 3.0)
      minitar (~> 0.6)
      minitest (~> 5.4)
      net-scp (>= 1.2, < 5.0)
      net-ssh (>= 5.0)
      rexml
      rsync (~> 1.0.9)
      stringify-hash (~> 0.0)
      thor (>= 1.0.1, < 2.0)
    beaker-abs (0.5.0)
    beaker-answers (0.25.0)
      hocon (~> 1.0)
      require_all (~> 1.3.2)
      stringify-hash (~> 0.0.0)
    beaker-docker (0.5.2)
      docker-api
      stringify-hash (~> 0.0.0)
    beaker-hostgenerator (1.18.1)
      deep_merge (~> 1.0)
    beaker-pe (2.0.6)
      beaker (~> 4.0)
      beaker-abs
      beaker-answers (~> 0.0)
      beaker-puppet (~> 1.0)
      beaker-vmpooler (~> 1.0)
      stringify-hash (~> 0.0.0)
    beaker-puppet (1.16.0)
      beaker (~> 4.1)
      in-parallel (~> 0.1)
      oga
      stringify-hash (~> 0.0.0)
    beaker-puppet_install_helper (0.9.7)
      beaker (~> 4.0)
      beaker-pe (~> 2.0)
    beaker-rspec (6.3.0)
      beaker (> 3.0)
      beaker-pe
      rspec (~> 3.0)
      serverspec (~> 2)
      specinfra (~> 2)
    beaker-vagrant (0.6.2)
      stringify-hash (~> 0.0.0)
    beaker-vmpooler (1.3.1)
      stringify-hash (~> 0.0.0)
    coderay (1.1.3)
    colored (1.2)
    cri (2.6.1)
      colored (~> 1.2)
    deep_merge (1.2.2)
    diff-lcs (1.6.2)
    docker-api (1.34.2)
      excon (>= 0.47.0)
      multi_json
    domain_name (0.5.20180417)
      unf (>= 0.0.5, < 1.0.0)
    ed25519 (1.3.0)
    excon (0.62.0)
    facter (2.5.7)
    facterdb (0.8.2)
      facter
      jgrep
    faraday (0.13.1)
      multipart-post (>= 1.2, < 3)
    faraday_middleware (0.12.2)
      faraday (>= 0.7.4, < 1.0)
    fast_gettext (1.1.2)
    gettext (3.2.9)
      locale (>= 2.0.5)
      text (>= 1.3.0)
    gettext-setup (0.30)
      fast_gettext (~> 1.1.0)
      gettext (>= 3.0.2)
      locale
    hiera (3.5.0)
    hiera-puppet-helper (1.0.1)
    highline (1.7.10)
    hocon (1.4.0)
    http-cookie (1.0.3)
      domain_name (~> 0.5)
    in-parallel (0.1.17)
    inifile (3.0.0)
    jgrep (1.5.4)
    json (1.8.6)
    json-schema (2.8.1)
      addressable (>= 2.4)
    locale (2.1.4)
    log4r (1.1.10)
    metaclass (0.0.4)
    metadata-json-lint (2.4.0)
      json-schema (~> 2.8)
      spdx-licenses (~> 1.0)
    method_source (1.1.0)
    mime-types (2.99.3)
    mini_portile2 (2.4.0)
    minitar (0.12.1)
    minitest (5.26.0)
    mocha (1.8.0)
      metaclass (~> 0.0.1)
    multi_json (1.15.0)
    multipart-post (2.0.0)
    net-scp (1.2.1)
      net-ssh (>= 2.6.5)
    net-ssh (5.2.0)
    net-telnet (0.1.1)
    netrc (0.11.0)
    nokogiri (1.10.1)
      mini_portile2 (~> 2.4.0)
    oga (2.15)
      ast
      ruby-ll (~> 2.1)
    pager (1.0.1)
    parallel (1.13.0)
    parallel_tests (2.24.0)
      parallel
    pathspec (0.2.1)
    pry (0.15.2)
      coderay (~> 1.1)
      method_source (~> 1.0)
    pry-doc (1.0.0)
      pry (~> 0.11)
      yard (~> 0.9.11)
    public_suffix (3.1.1)
    puppet (5.5.22)
      facter (> 2.0.1, < 4)
      fast_gettext (~> 1.1.2)
      hiera (>= 3.2.1, < 4)
      locale (~> 2.1)
      multi_json (~> 1.10)
    puppet-blacksmith (3.4.0)
      puppet (>= 2.7.16)
      rest-client (~> 1.8.0)
    puppet-lint (2.3.6)
    puppet-lint-empty_string-check (0.2.2)
      puppet-lint (>= 1.0, < 3.0)
    puppet-lint-trailing_comma-check (0.4.3)
      puppet-lint (>= 1.0, < 3.0)
    puppet-strings (2.9.0)
      rgen
      yard (~> 0.9.5)
    puppet-syntax (2.4.3)
      rake
    puppet_forge (2.2.9)
      faraday (>= 0.9.0, < 0.14.0)
      faraday_middleware (>= 0.9.0, < 0.13.0)
      gettext-setup (~> 0.11)
      minitar
      semantic_puppet (~> 1.0)
    puppetlabs_spec_helper (2.13.1)
      mocha (~> 1.0)
      pathspec (~> 0.2.1)
      puppet-lint (~> 2.0)
      puppet-syntax (~> 2.0)
      rspec-puppet (~> 2.0)
    r10k (2.6.5)
      colored (= 1.2)
      cri (~> 2.6.1)
      gettext-setup (~> 0.5)
      log4r (= 1.1.10)
      multi_json (~> 1.10)
      puppet_forge (~> 2.2.8)
    rake (12.3.3)
    require_all (1.3.3)
    rest-client (1.8.0)
      http-cookie (>= 1.0.2, < 2.0)
      mime-types (>= 1.16, < 3.0)
      netrc (~> 0.7)
    rexml (3.4.4)
    rgen (0.10.2)
    rspec (3.13.2)
      rspec-core (~> 3.13.0)
      rspec-expectations (~> 3.13.0)
      rspec-mocks (~> 3.13.0)
    rspec-core (3.13.6)
      rspec-support (~> 3.13.0)
    rspec-expectations (3.13.5)
      diff-lcs (>= 1.2.0, < 2.0)
      rspec-support (~> 3.13.0)
    rspec-its (1.3.1)
      rspec-core (>= 3.0.0)
      rspec-expectations (>= 3.0.0)
    rspec-mocks (3.13.6)
      diff-lcs (>= 1.2.0, < 2.0)
      rspec-support (~> 3.13.0)
    rspec-puppet (2.7.3)
      rspec
    rspec-puppet-facts (0.12.0)
      facter
      json
    rspec-support (3.13.6)
    rsync (1.0.9)
    ruby-ll (2.1.2)
      ansi
      ast
    semantic_puppet (1.0.2)
    serverspec (2.43.0)
      multi_json
      rspec (~> 3.0)
      rspec-its
      specinfra (~> 2.72)
    sfl (2.3)
    simp-beaker-helpers (1.13.1)
      beaker (~> 4.0)
      beaker-docker (~> 0.3)
      beaker-puppet (~> 1.0)
      beaker-puppet_install_helper (~> 0.9)
      beaker-rspec (~> 6.2)
      beaker-vagrant (~> 0.5)
      highline (~> 1.6)
      net-telnet (~> 0.1.1)
      nokogiri (~> 1.8)
    simp-rake-helpers (5.7.1)
      bundler (~> 1.14)
      pager (~> 1.0)
      parallel (~> 1.0)
      parallel_tests (> 2.4, < 2.25)
      puppet (>= 3.0, < 6.0)
      puppet-blacksmith (~> 3.3)
      puppet-lint (>= 1.0, < 3.0)
      puppetlabs_spec_helper (~> 2.0)
      r10k (~> 2.2)
      rake (>= 10.0, < 13.0)
      simp-beaker-helpers (~> 1.11)
      simp-rspec-puppet-facts (~> 2.0)
    simp-rspec-puppet-facts (2.2.0)
      facter (>= 1.5.0, < 3.0)
      json (~> 1)
      rspec-puppet-facts (~> 0)
    spdx-licenses (1.3.0)
    specinfra (2.94.1)
      base64
      net-scp
      net-ssh (>= 2.7)
      net-telnet
      sfl
    stringify-hash (0.0.2)
    text (1.3.1)
    thor (1.4.0)
    unf (0.1.4)
      unf_ext
    unf_ext (0.0.7.5)
    yard (0.9.37)

PLATFORMS
  ruby

DEPENDENCIES
  beaker
  beaker-rspec
  facterdb
  hiera-puppet-helper
  metadata-json-lint
  pry
  pry-doc
  puppet (~> 5.5)
  puppet-lint-empty_string-check
  puppet-lint-trailing_comma-check
  puppet-strings
  puppetlabs_spec_helper
  rake
  rspec
  rspec-puppet
  simp-beaker-helpers (~> 1.12)
  simp-rake-helpers (~> 5.6)
  simp-rspec-puppet-facts (~> 2.2)

BUNDLED WITH
   1.17.1
